GEM
  remote: http://rubygems.org/
  specs:
    Platform (0.4.0)
    ffi (1.4.0)
    ffi-rzmq (1.0.0)
      ffi
    open4 (1.3.0)
    popen4 (0.1.2)
      Platform (>= 0.4.0)
      open4 (>= 0.4.0)

PLATFORMS
  ruby

DEPENDENCIES
  ffi-rzmq
  popen4
